GIT
  remote: git://github.com/shepitko/codebreaker.git
  revision: 51964991886d3575c6f2f1f2079a48a44cb93cb3
  branch: sketch
  specs:
    codebreaker (0.1.0)

GEM
  remote: https://rubygems.org/
  specs:
    rack (1.6.4)

PLATFORMS
  ruby

DEPENDENCIES
  codebreaker!
  rack

RUBY VERSION
   ruby 2.3.0p0

BUNDLED WITH
   1.12.3
